GEM
  remote: https://rubygems.org/
  specs:
    minitest (5.12.0)
    rake (13.0.0)

PLATFORMS
  ruby

DEPENDENCIES
  minitest
  rake

BUNDLED WITH
   1.16.2
